GEM
  remote: http://rubygems.org/
  specs:
    actionmailer (2.3.8)
      actionpack (= 2.3.8)
    actionpack (2.3.8)
      activesupport (= 2.3.8)
      rack (~> 1.1.0)
    activerecord (2.3.8)
      activesupport (= 2.3.8)
    activeresource (2.3.8)
      activesupport (= 2.3.8)
    activesupport (2.3.8)
    capybara (0.3.9)
      culerity (>= 0.2.4)
      mime-types (>= 1.16)
      nokogiri (>= 1.3.3)
      rack (>= 1.0.0)
      rack-test (>= 0.5.4)
      selenium-webdriver (>= 0.0.3)
    childprocess (0.2.2)
      ffi (~> 1.0.6)
    columnize (0.3.4)
    composite_primary_keys (2.3.5.1)
      activerecord (>= 2.3.5)
    culerity (0.2.15)
    daemons (1.1.4)
    email_spec (0.6.2)
    eol_scenarios (0.3.4)
    escape (0.0.4)
    ezcrypto (0.7.2)
    factory_girl (2.0.4)
    faker (0.9.5)
      i18n (~> 0.4)
    fastercsv (1.5.4)
    ffi (1.0.9)
    gelf (1.1.3)
      json
    graylog2_exceptions (1.3.0)
      gelf (= 1.1.3)
    haml (3.1.1)
    i18n (0.6.0)
    indifferent-variable-hash (0.1.0)
    invert (0.1.0)
    json (1.5.3)
    json_pure (1.5.4)
      spruz (~> 0.2.8)
    kgio (2.6.0)
    linecache (0.46)
      rbx-require-relative (> 0.0.4)
    macaddr (1.4.0)
      systemu (~> 2.2.0)
    memcache (1.2.13)
    mime-types (1.16)
    mysql (2.8.1)
    newrelic_rpm (3.1.1)
    nokogiri (1.4.7)
    optiflag (0.7)
    rack (1.1.0)
    rack-test (0.6.1)
      rack (>= 1.0)
    rails (2.3.8)
      actionmailer (= 2.3.8)
      actionpack (= 2.3.8)
      activerecord (= 2.3.8)
      activeresource (= 2.3.8)
      activesupport (= 2.3.8)
      rake (>= 0.8.3)
    raindrops (0.7.0)
    rake (0.9.2)
    rbx-require-relative (0.0.5)
    routing-filter (0.3.0)
      actionpack
    rspec (1.3.0)
    rspec-rails (1.3.2)
      rack (>= 1.0.0)
      rspec (>= 1.3.0)
    ruby-debug (0.10.4)
      columnize (>= 0.1)
      ruby-debug-base (~> 0.10.4.0)
    ruby-debug-base (0.10.4)
      linecache (>= 0.3)
    rubyzip (0.9.4)
    sanitize (2.0.1)
      nokogiri (~> 1.4.4)
    sass (3.1.1)
    selenium-webdriver (2.5.0)
      childprocess (>= 0.2.1)
      ffi (>= 1.0.7)
      json_pure
      rubyzip
    spruz (0.2.13)
    systemu (2.2.0)
    unicorn (4.1.1)
      kgio (~> 2.4)
      rack
      raindrops (~> 0.6)
    uuid (2.3.3)
      macaddr (~> 1.0)
    will_paginate (2.3.16)

PLATFORMS
  ruby

DEPENDENCIES
  capybara (= 0.3.9)
  composite_primary_keys
  daemons
  email_spec (= 0.6.2)
  eol_scenarios
  escape
  ezcrypto
  factory_girl (= 2.0.4)
  faker
  fastercsv
  graylog2_exceptions (= 1.3.0)
  haml (= 3.1.1)
  indifferent-variable-hash
  invert
  json (= 1.5.3)
  macaddr
  memcache
  mysql
  newrelic_rpm
  optiflag
  rack (= 1.1.0)
  rails (= 2.3.8)
  routing-filter
  rspec (= 1.3.0)
  rspec-rails
  ruby-debug
  sanitize (= 2.0.1)
  sass (= 3.1.1)
  unicorn (= 4.1.1)
  uuid (= 2.3.3)
  will_paginate (= 2.3.16)
